PATH
  remote: .
  specs:
    jira_cli (0.0.1)
      git (= 1.2.9.1)
      gli (= 2.13.2)
      highline (= 1.6.21)
      jira-ruby (= 0.1.14)
      launchy (= 2.4.2)
      rainbow (= 2.0.0)

GEM
  remote: https://rubygems.org/
  specs:
    activesupport (4.2.4)
      i18n (~> 0.7)
      json (~> 1.7, >= 1.7.7)
      minitest (~> 5.1)
      thread_safe (~> 0.3, >= 0.3.4)
      tzinfo (~> 1.1)
    addressable (2.3.8)
    git (1.2.9.1)
    gli (2.13.2)
    highline (1.6.21)
    i18n (0.7.0)
    jira-ruby (0.1.14)
      activesupport
      oauth (~> 0.4.7)
    json (1.8.3)
    launchy (2.4.2)
      addressable (~> 2.3)
    minitest (5.8.0)
    oauth (0.4.7)
    rainbow (2.0.0)
    thread_safe (0.3.5)
    tzinfo (1.2.2)
      thread_safe (~> 0.1)

PLATFORMS
  ruby

DEPENDENCIES
  jira_cli!

BUNDLED WITH
   1.10.6
